{
	"TaskName": "InnerSpeech",
	"Modality": "MR",
	"MagneticFieldStrength": 3,
	"ImagingFrequency": 123.26,
	"Manufacturer": "Siemens",
	"ManufacturersModelName": "Prisma",
	"InstitutionName": "SUBIC",
	"InstitutionalDepartmentName": "Department",
	"InstitutionAddress": "Svante Arrhenius vaeg 16,Stockholm,District,SE,11418",
	"DeviceSerialNumber": "166088",
	"StationName": "AWP166088",
	"BodyPartExamined": "BRAIN",
	"PatientPosition": "HFS",
	"ProcedureStepDescription": "Foteini Liwicki^Foteini",
	"SoftwareVersions": "syngo MR E11",
	"MRAcquisitionType": "2D",
	"SeriesDescription": "cmrr_s2_p2_2mm",
	"ProtocolName": "cmrr_s2_p2_2mm",
	"ScanningSequence": "EP",
	"SequenceVariant": "SK\\SS",
	"ScanOptions": "FS",
	"SequenceName": "epfid2d1_100",
	"ImageType": ["ORIGINAL", "PRIMARY", "M", "MB", "ND", "NORM", "MOSAIC"],
	"SeriesNumber": 8,
	"AcquisitionTime": "13:34:13.122500",
	"AcquisitionNumber": 1,
	"ImageComments": "Unaliased MB2/PE4/LB",
	"SliceThickness": 2,
	"SpacingBetweenSlices": 2,
	"SAR": 0.0623306,
	"EchoTime": 0.03,
	"RepetitionTime": 2.16,
	"FlipAngle": 70,
	"PartialFourier": 1,
	"BaseResolution": 100,
	"ShimSetting": [
		-2743,
		-1112,
		1141,
		273,
		116,
		-115,
		-35,
		47	],
	"TxRefAmp": 272.608,
	"PhaseResolution": 1,
	"ReceiveCoilName": "HeadNeck_20",
	"ReceiveCoilActiveElements": "HE1-4",
	"PulseSequenceDetails": "%CustomerSeq%\\cmrr_mbep2d_bold",
	"WipMemBlock": "7907763c-6a0d-49a4-9def-ec6c7e15ed72||Sequence: R016 ve11c/master r/e634e98; Dec 19 2017 11:00:25 by eja",
	"RefLinesPE": 24,
	"CoilCombinationMethod": "Sum of Squares",
	"ConsistencyInfo": "N4_VE11C_LATEST_20160120",
	"MatrixCoilMode": "GRAPPA",
	"MultibandAccelerationFactor": 2,
	"PercentPhaseFOV": 100,
	"PercentSampling": 100,
	"EchoTrainLength": 49,
	"PhaseEncodingSteps": 99,
	"AcquisitionMatrixPE": 100,
	"ReconMatrixPE": 100,
	"BandwidthPerPixelPhaseEncode": 37.736,
	"ParallelReductionFactorInPlane": 2,
	"EffectiveEchoSpacing": 0.000264999,
	"DerivedVendorReportedEchoSpacing": 0.000529998,
	"TotalReadoutTime": 0.0262349,
	"PixelBandwidth": 2275,
	"DwellTime": 2.2e-06,
	"PhaseEncodingDirection": "j-",
	"SliceTiming": [
		0,
		1.575,
		1.0075,
		0.44,
		2.015,
		1.4475,
		0.8825,
		0.315,
		1.8875,
		1.3225,
		0.755,
		0.19,
		1.7625,
		1.1975,
		0.63,
		0.0625,
		1.6375,
		1.07,
		0.505,
		2.0775,
		1.51,
		0.945,
		0.3775,
		1.9525,
		1.385,
		0.8175,
		0.2525,
		1.825,
		1.26,
		0.6925,
		0.1275,
		1.7,
		1.1325,
		0.5675,
		0,
		1.575,
		1.0075,
		0.44,
		2.015,
		1.4475,
		0.8825,
		0.315,
		1.8875,
		1.3225,
		0.755,
		0.19,
		1.7625,
		1.1975,
		0.63,
		0.0625,
		1.6375,
		1.07,
		0.505,
		2.0775,
		1.51,
		0.945,
		0.3775,
		1.9525,
		1.385,
		0.8175,
		0.2525,
		1.825,
		1.26,
		0.6925,
		0.1275,
		1.7,
		1.1325,
		0.5675	],
	"ImageOrientationPatientDICOM": [
		0.990541,
		0.0834448,
		-0.108925,
		-0.0997423,
		0.98303,
		-0.153961	],
	"ImageOrientationText": "Tra>Cor(-9.4)>Sag(-5.4)",
	"InPlanePhaseEncodingDirectionDICOM": "COL",
	"ConversionSoftware": "dcm2niix",
	"ConversionSoftwareVersion": "v1.0.20211006"
}
