{
  "SoftwareFilters": {
    "FilterDescription": {
      "Description": "N/A"
    }
  },
  "ManufacturersModelName": "BioSemi Active2",
  "Manufacturer": "BioSemi",
  "EEGPlacementScheme": "10-20",
  "EEGReference": "Cz",
  "CapManufacturer": "BioSemi",
  "InstitutionName": "Lulea University of Technology",
  "TaskName": "Inner Speech",
  "TaskDescription": "Inner Speech recognition using 8 words as stimuli",
  "EEGChannelCount": 64,
  "PowerLineFrequency": 50,
  "RecordingDuration": 1360,
  "RecordingType": "continuous",
  "SamplingFrequency": 512,
  "EOGChannelCount": 4,
  "ECGChannelCount": 0,
  "EMGChannelCount": 0
}