{
	"Modality": "MR",
	"MagneticFieldStrength": 3,
	"ImagingFrequency": 123.261,
	"Manufacturer": "Siemens",
	"ManufacturersModelName": "Prisma",
	"InstitutionName": "SUBIC",
	"InstitutionalDepartmentName": "Department",
	"InstitutionAddress": "Svante Arrhenius vaeg 16,Stockholm,District,SE,11418",
	"DeviceSerialNumber": "166088",
	"StationName": "AWP166088",
	"BodyPartExamined": "BRAIN",
	"PatientPosition": "HFS",
	"ProcedureStepDescription": "Foteini Liwicki^Foteini",
	"SoftwareVersions": "syngo MR E11",
	"MRAcquisitionType": "2D",
	"SeriesDescription": "cmrr_s2_p2_2mm",
	"ProtocolName": "cmrr_s2_p2_2mm",
	"ScanningSequence": "EP",
	"SequenceVariant": "SK\\SS",
	"ScanOptions": "FS",
	"SequenceName": "epfid2d1_100",
	"ImageType": ["ORIGINAL", "PRIMARY", "M", "MB", "ND", "NORM", "MOSAIC"],
	"SeriesNumber": 7,
	"AcquisitionTime": "11:01:28.620000",
	"AcquisitionNumber": 1,
	"ImageComments": "Unaliased MB2/PE4/LB",
	"SliceThickness": 2,
	"SpacingBetweenSlices": 2,
	"SAR": 0.0728551,
	"EchoTime": 0.03,
	"RepetitionTime": 2.16,
	"FlipAngle": 70,
	"PartialFourier": 1,
	"BaseResolution": 100,
	"ShimSetting": [
		-2690,
		-1152,
		1126,
		233,
		18,
		-105,
		-6,
		-55	],
	"TxRefAmp": 277.279,
	"PhaseResolution": 1,
	"ReceiveCoilName": "HeadNeck_20",
	"ReceiveCoilActiveElements": "HE1-4",
	"PulseSequenceDetails": "%CustomerSeq%\\cmrr_mbep2d_bold",
	"WipMemBlock": "8fef9492-4546-4ec8-8317-857da9e90974||Sequence: R016 ve11c/master r/e634e98; Dec 19 2017 11:00:25 by eja",
	"RefLinesPE": 24,
	"CoilCombinationMethod": "Sum of Squares",
	"ConsistencyInfo": "N4_VE11C_LATEST_20160120",
	"MatrixCoilMode": "GRAPPA",
	"MultibandAccelerationFactor": 2,
	"PercentPhaseFOV": 100,
	"PercentSampling": 100,
	"EchoTrainLength": 49,
	"PhaseEncodingSteps": 99,
	"AcquisitionMatrixPE": 100,
	"ReconMatrixPE": 100,
	"BandwidthPerPixelPhaseEncode": 37.736,
	"ParallelReductionFactorInPlane": 2,
	"EffectiveEchoSpacing": 0.000264999,
	"DerivedVendorReportedEchoSpacing": 0.000529998,
	"TotalReadoutTime": 0.0262349,
	"PixelBandwidth": 2275,
	"DwellTime": 2.2e-06,
	"PhaseEncodingDirection": "j-",
	"SliceTiming": [
		0,
		1.575,
		1.0075,
		0.4425,
		2.015,
		1.4475,
		0.8825,
		0.315,
		1.89,
		1.3225,
		0.7575,
		0.19,
		1.7625,
		1.1975,
		0.63,
		0.065,
		1.6375,
		1.07,
		0.505,
		2.0775,
		1.5125,
		0.945,
		0.3775,
		1.9525,
		1.385,
		0.82,
		0.2525,
		1.8275,
		1.26,
		0.6925,
		0.1275,
		1.7,
		1.135,
		0.5675,
		0,
		1.575,
		1.0075,
		0.4425,
		2.015,
		1.4475,
		0.8825,
		0.315,
		1.89,
		1.3225,
		0.7575,
		0.19,
		1.7625,
		1.1975,
		0.63,
		0.065,
		1.6375,
		1.07,
		0.505,
		2.0775,
		1.5125,
		0.945,
		0.3775,
		1.9525,
		1.385,
		0.82,
		0.2525,
		1.8275,
		1.26,
		0.6925,
		0.1275,
		1.7,
		1.135,
		0.5675	],
	"ImageOrientationPatientDICOM": [
		0.997426,
		-0.0613334,
		0.0371352,
		0.062578,
		0.997483,
		-0.0333347	],
	"ImageOrientationText": "Tra>Cor(-2.0)>Sag(2.0)",
	"InPlanePhaseEncodingDirectionDICOM": "COL",
	"ConversionSoftware": "dcm2niix",
	"ConversionSoftwareVersion": "v1.0.20211006"
}
